GEM
  remote: https://rubygems.org/
  specs:
    coderay (1.1.1)
    dotenv (2.2.0)
    httpclient (2.8.3)
    json (2.0.3)
    method_source (0.8.2)
    poke-api (0.0.1)
      httpclient
      json
    pry (0.10.4)
      coderay (~> 1.1.0)
      method_source (~> 0.8.1)
      slop (~> 3.4)
    rack (1.6.5)
    rack-protection (1.5.3)
      rack
    shotgun (0.9.2)
      rack (>= 1.0)
    sinatra (1.4.8)
      rack (~> 1.5)
      rack-protection (~> 1.4)
      tilt (>= 1.3, < 3)
    slim (3.0.7)
      temple (~> 0.7.6)
      tilt (>= 1.3.3, < 2.1)
    slop (3.6.0)
    temple (0.7.7)
    tilt (2.0.6)

PLATFORMS
  ruby

DEPENDENCIES
  dotenv
  poke-api
  pry
  shotgun
  sinatra
  slim

BUNDLED WITH
   1.13.2
